PATH
  remote: .
  specs:
    heritage (0.3.1)

GEM
  remote: http://rubygems.org/
  specs:

PLATFORMS
  ruby

DEPENDENCIES
  heritage!
